GEM
  remote: https://rubygems.org/
  specs:
    haml (4.0.3)
      tilt
    maruku (0.6.1)
      syntax (>= 1.0.0)
    rack (1.5.2)
    rack-protection (1.5.0)
      rack
    sinatra (1.4.3)
      rack (~> 1.4)
      rack-protection (~> 1.4)
      tilt (~> 1.3, >= 1.3.4)
    syntax (1.0.0)
    tilt (1.4.1)

PLATFORMS
  ruby

DEPENDENCIES
  haml
  maruku
  sinatra
